NUGET
  remote: https://nuget.org/api/v2
  specs:
    Akka (1.0.3)
      Newtonsoft.Json (>= 6.0.8)
    Akka.Cluster (1.0.3.11-beta)
      Akka.Remote (>= 1.0.3)
      Google.ProtocolBuffers (>= 2.4.1.521)
      Microsoft.Bcl.Immutable (>= 1.0.34)
    Akka.Remote (1.0.3)
      Akka (>= 1.0.3)
      Google.ProtocolBuffers (>= 2.4.1.521)
      Helios (>= 1.4.0)
    FAKE (3.35.5)
    FSharp.Compiler.Service (0.0.90)
    FSharp.Formatting (2.9.10)
      FSharp.Compiler.Service (>= 0.0.87)
      FSharpVSPowerTools.Core (1.8.0)
    FSharpVSPowerTools.Core (1.8.0)
      FSharp.Compiler.Service (>= 0.0.87)
    Google.ProtocolBuffers (2.4.1.555)
    Helios (1.4.0)
    Microsoft.Bcl (1.1.10)
      Microsoft.Bcl.Build (>= 1.0.14)
    Microsoft.Bcl.Build (1.0.21)
    Microsoft.Bcl.Immutable (1.0.34)
    Microsoft.Net.Http (2.2.29)
      Microsoft.Bcl (>= 1.1.10)
      Microsoft.Bcl.Build (>= 1.0.14)
    Nancy (1.2.0)
    Nancy.Hosting.Self (1.2.0)
      Nancy (>= 1.2.0)
    Newtonsoft.Json (7.0.1)
    NUnit (2.6.4)
    NUnit.Runners (2.6.4)
    Octokit (0.13.0)
      Microsoft.Net.Http
    SourceLink.Fake (0.5.0)
GITHUB
  remote: fsharp/FAKE
  specs:
    modules/Octokit/Octokit.fsx (e473252a0711dfa765f7ba8819446c86f07c68c3)
      Octokit